GEM
  remote: https://rubygems.org/
  specs:
    motion-testflight (1.1)

PLATFORMS
  ruby

DEPENDENCIES
  motion-testflight
